PATH
  remote: .
  specs:
    payrix (0.1.2)
      faraday (~> 0.14)
      faraday_middleware (~> 0.12)

GEM
  remote: https://rubygems.org/
  specs:
    faraday (0.17.5)
      multipart-post (>= 1.2, < 3)
    faraday_middleware (0.14.0)
      faraday (>= 0.7.4, < 1.0)
    multipart-post (2.2.0)
    rake (10.5.0)

PLATFORMS
  x86_64-darwin-19

DEPENDENCIES
  payrix!
  rake (~> 10.0)

BUNDLED WITH
   2.3.10
